GEM
  remote: https://rubygems.org/
  specs:
    addressable (2.3.6)
    ansi (1.5.0)
    atomic (1.1.16)
    buftok (0.2.0)
    builder (3.2.2)
    coderay (1.1.0)
    equalizer (0.0.9)
    faraday (0.9.0)
      multipart-post (>= 1.2, < 3)
    hashie (3.4.1)
    htmlentities (4.3.3)
    http (0.5.0)
      http_parser.rb
    http_parser.rb (0.6.0)
    json (1.8.1)
    memoizable (0.4.2)
      thread_safe (~> 0.3, >= 0.3.1)
    method_source (0.8.2)
    minitest (2.5.1)
    minitest-reporters (0.9.0)
      ansi
      builder
      minitest (>= 2.0, < 4.0)
      powerbar
    mono_logger (1.1.0)
    multi_json (1.11.0)
    multipart-post (2.0.0)
    naught (1.0.0)
    nokogiri (1.5.11)
    powerbar (1.0.12)
      ansi (~> 1.5.0)
      hashie (>= 1.1.0)
    pry (0.10.1)
      coderay (~> 1.1.0)
      method_source (~> 0.8.1)
      slop (~> 3.4)
    rack (1.6.0)
    rack-protection (1.5.3)
      rack
    redis (3.2.1)
    redis-namespace (1.5.2)
      redis (~> 3.0, >= 3.0.4)
    resque (1.25.2)
      mono_logger (~> 1.0)
      multi_json (~> 1.0)
      redis-namespace (~> 1.3)
      sinatra (>= 0.9.2)
      vegas (~> 0.1.2)
    resque-scheduler (4.0.0)
      mono_logger (~> 1.0)
      redis (~> 3.0)
      resque (~> 1.25)
      rufus-scheduler (~> 3.0)
    rufus-scheduler (3.0.9)
      tzinfo
    simple_oauth (0.2.0)
    sinatra (1.4.6)
      rack (~> 1.4)
      rack-protection (~> 1.4)
      tilt (>= 1.3, < 3)
    slop (3.6.0)
    thread_safe (0.3.1)
      atomic (>= 1.1.7, < 2)
    tilt (2.0.1)
    twitter (5.8.0)
      addressable (~> 2.3)
      buftok (~> 0.2.0)
      equalizer (~> 0.0.9)
      faraday (~> 0.9.0)
      http (~> 0.5.0)
      http_parser.rb (~> 0.6.0)
      json (~> 1.8)
      memoizable (~> 0.4.0)
      naught (~> 1.0)
      simple_oauth (~> 0.2.0)
    tzinfo (1.2.2)
      thread_safe (~> 0.1)
    vegas (0.1.11)
      rack (>= 1.0.0)

PLATFORMS
  ruby

DEPENDENCIES
  faraday
  htmlentities
  minitest
  minitest-reporters
  nokogiri
  pry
  resque-scheduler
  twitter
